GEM
  remote: https://rubygems.org/
  specs:
    json (1.8.2)
    mime-types (1.25.1)
    rack (1.6.0)
    rest-client (1.6.7)
      mime-types (>= 1.16)
    sinatra (1.1.0)
      rack (~> 1.1)
      tilt (~> 1.1)
    slack-notifier (2.3.2)
    tilt (1.4.1)
    jenkins_api_client (1.5.3)     
      json >= 1.0
      mixlib-shellout >= 1.1.0
      nokogiri ~> 1.6
      socksify >= 1.7.0
      terminal-table >= 1.4.0
      thor >= 0.16.0

PLATFORMS
  ruby

DEPENDENCIES
  json
  rest-client
  sinatra (= 1.1.0)
  slack-notifier
