GEM
  remote: https://rubygems.org/
  specs:
    jenkins_api_client (1.5.3)
      json (>= 1.0)
      mixlib-shellout (>= 1.1.0)
      nokogiri (~> 1.6)
      socksify (>= 1.7.0)
      terminal-table (>= 1.4.0)
      thor (>= 0.16.0)
    json (2.1.0)
    mime-types (1.25.1)
    mini_portile2 (2.3.0)
    mixlib-shellout (2.3.2)
    nokogiri (1.8.2)
      mini_portile2 (~> 2.3.0)
    rack (1.6.0)
    rest-client (1.6.7)
      mime-types (>= 1.16)
    sinatra (1.1.0)
      rack (~> 1.1)
      tilt (~> 1.1)
    slack-notifier (1.1.0)
    socksify (1.7.1)
    terminal-table (1.8.0)
      unicode-display_width (~> 1.1, >= 1.1.1)
    thor (0.20.0)
    tilt (1.4.1)
    unicode-display_width (1.3.2)

PLATFORMS
  ruby

DEPENDENCIES
  jenkins_api_client
  json
  mixlib-shellout
  nokogiri
  rest-client
  sinatra (= 1.1.0)
  slack-notifier
  socksify
  terminal-table
  thor

BUNDLED WITH
   1.11.2
